PATH
  remote: .
  specs:
    gsm-sources-manager (1.0.0.alpha2)
      mercenary (~> 0.3.6)

GEM
  remote: https://rubygems.org/
  specs:
    codeclimate-test-reporter (0.6.0)
      simplecov (>= 0.7.1, < 1.0.0)
    docile (1.1.5)
    json (2.0.2)
    mercenary (0.3.6)
    minitest (5.9.1)
    rake (11.3.0)
    shoulda-context (1.2.1)
    simplecov (0.12.0)
      docile (~> 1.1.0)
      json (>= 1.8, < 3)
      simplecov-html (~> 0.10.0)
    simplecov-html (0.10.0)

PLATFORMS
  ruby

DEPENDENCIES
  codeclimate-test-reporter
  gsm-sources-manager!
  minitest
  rake
  shoulda-context

BUNDLED WITH
   1.13.2
